GEM
  specs:
    adsf (1.0.1)
      rack (>= 1.0.0)
    cri (1.0.1)
    kramdown (0.13.3)
    nanoc (3.1.8)
      nanoc3 (>= 3.1.8)
    nanoc3 (3.1.8)
      cri (~> 1.0)
    rack (1.3.0)

PLATFORMS
  ruby

DEPENDENCIES
  adsf (~> 1.0.1)
  kramdown (~> 0.13.3)
  nanoc (~> 3.1.8)
