GEM
  remote: http://rubygems.org/
  specs:
    adsf (1.0.1)
      rack (>= 1.0.0)
    cri (1.0.1)
    kramdown (0.13.3)
    less (2.0.5)
      therubyracer (~> 0.9.2)
    libv8 (3.3.10.2)
    nanoc (3.1.8)
      nanoc3 (>= 3.1.8)
    nanoc3 (3.1.8)
      cri (~> 1.0)
    rack (1.3.0)
    rainpress (1.0)
    therubyracer (0.9.2)
      libv8 (~> 3.3.10)

PLATFORMS
  ruby

DEPENDENCIES
  adsf (~> 1.0.1)
  kramdown (~> 0.13.3)
  less (~> 2.0.5)
  nanoc (~> 3.1.8)
  rainpress (~> 1.0)
