GEM
  remote: http://rubygems.org/
  specs:
    adsf (1.0.1)
      rack (>= 1.0.0)
    cri (2.0.2)
    daemons (1.1.4)
    eventmachine (0.12.10)
    haml (3.1.3)
    kramdown (0.13.3)
    less (2.0.7)
      therubyracer (~> 0.9.2)
    libv8 (3.3.10.2)
    mime-types (1.16)
    nanoc (3.2.2)
      nanoc3 (>= 3.2.2)
    nanoc3 (3.2.2)
      cri (~> 2.0)
    nokogiri (1.5.0)
    rack (1.3.5)
    rainpress (1.0)
    sass (3.1.10)
    systemu (2.4.0)
    therubyracer (0.9.8)
      libv8 (~> 3.3.10)
    thin (1.2.11)
      daemons (>= 1.0.9)
      eventmachine (>= 0.12.6)
      rack (>= 1.0.0)

PLATFORMS
  ruby

DEPENDENCIES
  adsf (~> 1.0.1)
  haml (~> 3.1.3)
  kramdown (~> 0.13.3)
  less (~> 2.0.5)
  mime-types (~> 1.16)
  nanoc (~> 3.2.2)
  nokogiri (~> 1.5.0)
  rainpress (~> 1.0)
  sass (~> 3.1.10)
  systemu (~> 2.4.0)
  thin (~> 1.2.11)
